PATH
  remote: .
  specs:
    dropcaster (0.0.6)
      activesupport
      bundler
      ruby-mp3info

GEM
  remote: https://rubygems.org/
  specs:
    RedCloth (4.2.9)
    activesupport (5.2.2)
      concurrent-ruby (~> 1.0, >= 1.0.2)
      i18n (>= 0.7, < 2)
      minitest (~> 5.1)
      tzinfo (~> 1.1)
    addressable (2.3.8)
    binding_of_caller (0.8.0)
      debug_inspector (>= 0.0.1)
    blankslate (2.1.2.4)
    classifier-reborn (2.2.0)
      fast-stemmer (~> 1.0)
    coderay (1.1.2)
    coffee-script (2.4.1)
      coffee-script-source
      execjs
    coffee-script-source (1.12.2)
    colorator (0.1)
    concurrent-ruby (1.1.4)
    debug_inspector (0.0.3)
    ethon (0.11.0)
      ffi (>= 1.3.0)
    execjs (2.7.0)
    faraday (0.9.2)
      multipart-post (>= 1.2, < 3)
    fast-stemmer (1.0.2)
    ffi (1.9.25)
    formatador (0.2.5)
    gemoji (2.1.0)
    github-pages (39)
      RedCloth (= 4.2.9)
      github-pages-health-check (~> 0.2)
      jekyll (= 2.4.0)
      jekyll-coffeescript (= 1.0.1)
      jekyll-feed (= 0.3.1)
      jekyll-mentions (= 0.2.1)
      jekyll-redirect-from (= 0.8.0)
      jekyll-sass-converter (= 1.3.0)
      jekyll-sitemap (= 0.8.1)
      jemoji (= 0.5.0)
      kramdown (= 1.5.0)
      liquid (= 2.6.2)
      maruku (= 0.7.0)
      mercenary (~> 0.3)
      pygments.rb (= 0.6.3)
      rdiscount (= 2.1.7)
      redcarpet (= 3.3.2)
      terminal-table (~> 1.4)
    github-pages-health-check (0.6.1)
      addressable (~> 2.3)
      net-dns (~> 0.8)
      public_suffix (~> 1.4)
      typhoeus (~> 0.7)
    guard (2.15.0)
      formatador (>= 0.2.4)
      listen (>= 2.7, < 4.0)
      lumberjack (>= 1.0.12, < 2.0)
      nenv (~> 0.1)
      notiffany (~> 0.0)
      pry (>= 0.9.12)
      shellany (~> 0.0)
      thor (>= 0.18.1)
    guard-bundler (2.1.0)
      bundler (~> 1.0)
      guard (~> 2.2)
      guard-compat (~> 1.1)
    guard-compat (1.2.1)
    guard-minitest (2.4.6)
      guard-compat (~> 1.2)
      minitest (>= 3.0)
    html-pipeline (1.11.0)
      activesupport (>= 2)
      nokogiri (~> 1.4)
    i18n (1.3.0)
      concurrent-ruby (~> 1.0)
    jekyll (2.4.0)
      classifier-reborn (~> 2.0)
      colorator (~> 0.1)
      jekyll-coffeescript (~> 1.0)
      jekyll-gist (~> 1.0)
      jekyll-paginate (~> 1.0)
      jekyll-sass-converter (~> 1.0)
      jekyll-watch (~> 1.1)
      kramdown (~> 1.3)
      liquid (~> 2.6.1)
      mercenary (~> 0.3.3)
      pygments.rb (~> 0.6.0)
      redcarpet (~> 3.1)
      safe_yaml (~> 1.0)
      toml (~> 0.1.0)
    jekyll-coffeescript (1.0.1)
      coffee-script (~> 2.2)
    jekyll-feed (0.3.1)
    jekyll-gist (1.3.5)
    jekyll-mentions (0.2.1)
      html-pipeline (~> 1.9.0)
      jekyll (~> 2.0)
    jekyll-paginate (1.1.0)
    jekyll-redirect-from (0.8.0)
      jekyll (>= 2.0)
    jekyll-sass-converter (1.3.0)
      sass (~> 3.2)
    jekyll-sitemap (0.8.1)
    jekyll-watch (1.5.1)
      listen (~> 3.0)
    jemoji (0.5.0)
      gemoji (~> 2.0)
      html-pipeline (~> 1.9)
      jekyll (>= 2.0)
    kramdown (1.5.0)
    libnotify (0.9.4)
      ffi (>= 1.0.11)
    libxml-ruby (3.1.0)
    liquid (2.6.2)
    listen (3.1.5)
      rb-fsevent (~> 0.9, >= 0.9.4)
      rb-inotify (~> 0.9, >= 0.9.7)
      ruby_dep (~> 1.2)
    lumberjack (1.0.13)
    maruku (0.7.0)
    mercenary (0.3.6)
    method_source (0.8.2)
    mini_portile2 (2.4.0)
    minitest (5.11.3)
    multipart-post (2.0.0)
    nenv (0.3.0)
    net-dns (0.9.0)
    nokogiri (1.9.1)
      mini_portile2 (~> 2.4.0)
    notiffany (0.1.1)
      nenv (~> 0.1)
      shellany (~> 0.0)
    octokit (3.8.0)
      sawyer (~> 0.6.0, >= 0.5.3)
    parslet (1.5.0)
      blankslate (~> 2.0)
    posix-spawn (0.3.13)
    pry (0.10.4)
      coderay (~> 1.1.0)
      method_source (~> 0.8.1)
      slop (~> 3.4)
    pry-nav (0.2.4)
      pry (>= 0.9.10, < 0.11.0)
    pry-stack_explorer (0.4.9.3)
      binding_of_caller (>= 0.7)
      pry (>= 0.9.11)
    public_suffix (1.5.3)
    pygments.rb (0.6.3)
      posix-spawn (~> 0.3.6)
      yajl-ruby (~> 1.2.0)
    rake (12.3.2)
    rb-fsevent (0.10.3)
    rb-inotify (0.10.0)
      ffi (~> 1.0)
    rb-readline (0.5.5)
    rdiscount (2.1.7)
    redcarpet (3.3.2)
    ruby-mp3info (0.8.10)
    ruby_dep (1.5.0)
    safe_yaml (1.0.4)
    sass (3.7.2)
      sass-listen (~> 4.0.0)
    sass-listen (4.0.0)
      rb-fsevent (~> 0.9, >= 0.9.4)
      rb-inotify (~> 0.9, >= 0.9.7)
    sawyer (0.6.0)
      addressable (~> 2.3.5)
      faraday (~> 0.8, < 0.10)
    shellany (0.0.1)
    slop (3.6.0)
    terminal-table (1.8.0)
      unicode-display_width (~> 1.1, >= 1.1.1)
    thor (0.20.3)
    thread_safe (0.3.6)
    toml (0.1.2)
      parslet (~> 1.5.0)
    typhoeus (0.8.0)
      ethon (>= 0.8.0)
    tzinfo (1.2.5)
      thread_safe (~> 0.1)
    unicode-display_width (1.4.1)
    yajl-ruby (1.2.3)

PLATFORMS
  ruby

DEPENDENCIES
  dropcaster!
  github-pages
  guard-bundler
  guard-minitest
  libnotify
  libxml-ruby
  minitest
  octokit (~> 3.0)
  pry
  pry-nav
  pry-stack_explorer
  rake
  rb-fsevent
  rb-inotify
  rb-readline

BUNDLED WITH
   1.16.6
